GEM
  remote: https://rubygems.org/
  specs:
    activesupport (5.2.1)
      concurrent-ruby (~> 1.0, >= 1.0.2)
      i18n (>= 0.7, < 2)
      minitest (~> 5.1)
      tzinfo (~> 1.1)
    aws-sigv4 (1.0.3)
    concurrent-ruby (1.0.5)
    consult (0.8.0)
      activesupport (> 4, < 6)
      diplomat (~> 2.0.2)
      vault (>= 0.10.0, < 1.0.0)
    diplomat (2.0.2)
      faraday (~> 0.9)
      json
    faraday (0.15.3)
      multipart-post (>= 1.2, < 3)
    i18n (1.1.0)
      concurrent-ruby (~> 1.0)
    json (2.3.1)
    minitest (5.11.3)
    multipart-post (2.0.0)
    thread_safe (0.3.6)
    tzinfo (1.2.5)
      thread_safe (~> 0.1)
    vault (0.12.0)
      aws-sigv4

PLATFORMS
  ruby

DEPENDENCIES
  consult

BUNDLED WITH
   1.16.6
